PATH
  remote: .
  specs:
    dopplr-data (0.0.1)
      api_smith
      rspec

GEM
  remote: http://rubygems.org/
  specs:
    api_smith (1.2.0)
      hashie (~> 1.0)
      httparty
      net-http-persistent
    diff-lcs (1.2.2)
    hashie (1.2.0)
    httparty (0.10.2)
      multi_json (~> 1.0)
      multi_xml (>= 0.5.2)
    multi_json (1.7.2)
    multi_xml (0.5.3)
    net-http-persistent (2.8)
    rspec (2.13.0)
      rspec-core (~> 2.13.0)
      rspec-expectations (~> 2.13.0)
      rspec-mocks (~> 2.13.0)
    rspec-core (2.13.1)
    rspec-expectations (2.13.0)
      diff-lcs (>= 1.1.3, < 2.0)
    rspec-mocks (2.13.0)

PLATFORMS
  ruby

DEPENDENCIES
  dopplr-data!
